GEM
  remote: https://rubygems.org/
  specs:
    RedCloth (4.3.2)
    activesupport (7.0.2.2)
      concurrent-ruby (~> 1.0, >= 1.0.2)
      i18n (>= 1.6, < 2)
      minitest (>= 5.1)
      tzinfo (~> 2.0)
    asciidoctor (2.0.17)
    builder (3.2.4)
    charlock_holmes (0.7.7)
    commonmarker (0.23.4)
    concurrent-ruby (1.1.9)
    crass (1.0.6)
    creole (0.3.8)
    escape_utils (1.2.1)
    expression_parser (0.9.0)
    facets (3.1.0)
    gemoji (3.0.1)
    git (1.11.0)
      rchardet (~> 1.8)
    github-linguist (7.18.0)
      charlock_holmes (~> 0.7.7)
      escape_utils (~> 1.2.0)
      mini_mime (~> 1.0)
      rugged (>= 0.25.1)
    github-markup (4.0.0)
    html-pipeline (2.14.0)
      activesupport (>= 2)
      nokogiri (>= 1.4)
    htmlentities (4.3.4)
    i18n (1.10.0)
      concurrent-ruby (~> 1.0)
    mini_mime (1.1.2)
    minitest (5.15.0)
    nokogiri (1.13.3-x86_64-linux)
      racc (~> 1.4)
    org-ruby (0.9.9)
      rubypants (~> 0.2)
    posix-spawn (0.3.15)
    racc (1.6.0)
    rake (13.0.6)
    rchardet (1.8.0)
    rdoc (6.3.4.1)
    redcarpet (3.5.1)
    rinku (2.0.6)
    rubypants (0.7.1)
    rugged (1.3.1)
    sanitize (6.0.0)
      crass (~> 1.0.2)
      nokogiri (>= 1.12.0)
    sqlite3 (1.7.3-x86_64-linux)
    twitter-text (1.14.7)
      unf (~> 0.1.0)
    tzinfo (2.0.4)
      concurrent-ruby (~> 1.0)
    unf (0.1.4)
      unf_ext
    unf_ext (0.0.8)
    wikicloth (0.8.3)
      builder
      expression_parser
      htmlentities
      nokogiri
      twitter-text

PLATFORMS
  x86_64-linux

DEPENDENCIES
  RedCloth
  asciidoctor (~> 2.0.5)
  commonmarker (~> 0.23.4)
  creole (~> 0.3.6)
  facets (~> 3.1)
  gemoji
  git (~> 1.11)
  github-linguist
  github-markup (~> 4.0)
  html-pipeline
  kramdown
  org-ruby (= 0.9.9)
  posix-spawn
  rake
  rdoc (~> 6.3)
  redcarpet
  rinku
  sanitize
  sqlite3
  twitter-text (~> 1.14)
  wikicloth (= 0.8.3)

BUNDLED WITH
   2.1.4
